PATH
  remote: .
  specs:
    rbpay (0.0.0)

GEM
  specs:
    addressable (2.7.0)
      public_suffix (>= 2.0.2, < 5.0)
    byebug (11.1.3)
    crack (0.4.3)
      safe_yaml (~> 1.0.0)
    diff-lcs (1.4.4)
    docile (1.3.2)
    excon (0.79.0)
    hashdiff (1.0.0)
    public_suffix (4.0.6)
    rspec (3.10.0)
      rspec-core (~> 3.10.0)
      rspec-expectations (~> 3.10.0)
      rspec-mocks (~> 3.10.0)
    rspec-core (3.10.1)
      rspec-support (~> 3.10.0)
    rspec-expectations (3.10.1)
      diff-lcs (>= 1.2.0, < 2.0)
      rspec-support (~> 3.10.0)
    rspec-mocks (3.10.2)
      diff-lcs (>= 1.2.0, < 2.0)
      rspec-support (~> 3.10.0)
    rspec-support (3.10.2)
    safe_yaml (1.0.5)
    simplecov (0.21.2)
      docile (~> 1.1)
      simplecov-html (~> 0.11)
      simplecov_json_formatter (~> 0.1)
    simplecov-html (0.12.3)
    simplecov_json_formatter (0.1.2)
    vcr (6.0.0)
    webmock (3.4.1)
      addressable (>= 2.3.6)
      crack (>= 0.3.2)
      hashdiff

PLATFORMS
  ruby

DEPENDENCIES
  byebug
  excon
  rbpay!
  rspec
  simplecov
  vcr
  webmock

BUNDLED WITH
   2.1.4
